PATH
  remote: .
  specs:
    nix-store-repl (0.1.0)
      pry (~> 0.12)

GEM
  remote: https://rubygems.org/
  specs:
    coderay (1.1.2)
    method_source (0.9.2)
    minitest (5.8.5)
    pry (0.12.2)
      coderay (~> 1.1.0)
      method_source (~> 0.9.0)
    rake (13.0.6)

PLATFORMS
  ruby

DEPENDENCIES
  bundler (~> 2.0)
  minitest (~> 5.0)
  nix-store-repl!
  rake (~> 13.0)

BUNDLED WITH
   2.0.1
